GIT
  remote: git://github.com/ngiger/buildr4osgi.git
  revision: 31902d844622411e5b6ed34bbf6230614b129f4c
  specs:
    buildr4osgi (0.9.6.97)
      atoulme-Antwrap (~> 0.7.4)
      builder (= 3.1.3)
      buildr (= 1.4.9)
      bundler
      diff-lcs (= 1.1.3)
      highline (= 1.6.2)
      hoe (= 3.1.0)
      json_pure (= 1.7.5)
      manifest (= 0.0.8)
      minitar (= 0.5.3)
      net-sftp (= 2.0.5)
      net-ssh (= 2.6.0)
      rake (= 0.9.2.2)
      rspec (= 2.11.0)
      rspec-core (= 2.11.1)
      rspec-expectations (= 2.11.3)
      rspec-mocks (= 2.11.3)
      rubyforge (= 2.0.4)
      rubyzip (= 0.9.9)
      xml-simple (= 1.1.1)

GEM
  remote: http://rubygems.org/
  specs:
    atoulme-Antwrap (0.7.4)
      rjb (>= 1.0.3)
    builder (3.1.3)
    buildr (1.4.9)
      atoulme-Antwrap (~> 0.7.2)
      builder (= 3.1.3)
      diff-lcs (= 1.1.3)
      highline (= 1.6.2)
      hoe (= 3.1.0)
      json_pure (= 1.7.5)
      minitar (= 0.5.3)
      net-sftp (= 2.0.5)
      net-ssh (= 2.6.0)
      rake (= 0.9.2.2)
      rjb (= 1.4.2)
      rspec (= 2.11.0)
      rspec-core (= 2.11.1)
      rspec-expectations (= 2.11.3)
      rspec-mocks (= 2.11.3)
      rubyforge (= 2.0.4)
      rubyzip (= 0.9.9)
      xml-simple (= 1.1.1)
    buildrdeb (1.0.1)
    buildrizpack (0.2.1)
      builder (>= 1.4.6)
      rake (>= 0.9.2.2)
    diff-lcs (1.1.3)
    highline (1.6.2)
    hoe (3.1.0)
      rake (~> 0.8)
    jruby-pageant (1.1.1)
    json_pure (1.7.5)
    manifest (0.0.8)
    minitar (0.5.3)
    net-ldap (0.3.1)
    net-sftp (2.0.5)
      net-ssh (>= 2.0.9)
    net-ssh (2.6.0)
      jruby-pageant (>= 1.1.1)
    rake (0.9.2.2)
    rjb (1.4.2)
    rspec (2.11.0)
      rspec-core (~> 2.11.0)
      rspec-expectations (~> 2.11.0)
      rspec-mocks (~> 2.11.0)
    rspec-core (2.11.1)
    rspec-expectations (2.11.3)
      diff-lcs (~> 1.1.3)
    rspec-mocks (2.11.3)
    rubyforge (2.0.4)
      json_pure (>= 1.1.7)
    rubyzip (0.9.9)
    xml-simple (1.1.1)

PLATFORMS
  ruby

DEPENDENCIES
  builder
  buildr (= 1.4.9)
  buildr4osgi!
  buildrdeb
  buildrizpack (= 0.2.1)
  net-ldap
  net-sftp
  net-ssh
  rubyzip
